PATH
  remote: .
  specs:
    dukpt (0.0.5)

GEM
  remote: https://rubygems.org/
  specs:
    rake (13.2.1)

PLATFORMS
  ruby

DEPENDENCIES
  dukpt!
  rake

BUNDLED WITH
   2.5.7
